GEM
  remote: https://rubygems.org/
  specs:
    awesome_print (1.8.0)
    backports (3.8.0)
    bson (4.2.2)
    bson_ext (1.5.1)
    bundle (0.0.1)
      bundler
    coffee-script (2.4.1)
      coffee-script-source
      execjs
    coffee-script-source (1.12.2)
    daemons (1.2.4)
    diff-lcs (1.3)
    eventmachine (1.2.5)
    execjs (2.7.0)
    ffi (1.9.18)
    hike (1.2.3)
    hkdf (0.3.0)
    jwt (2.1.0)
    macaddr (1.7.1)
      systemu (~> 2.6.2)
    mongo (2.4.3)
      bson (>= 4.2.1, < 5.0.0)
    multi_json (1.12.2)
    psych (2.2.4)
    rack (1.6.8)
    rack-protection (1.5.3)
      rack
    rack-test (0.7.0)
      rack (>= 1.0, < 3)
    rake (10.5.0)
    rb-fsevent (0.10.2)
    rb-inotify (0.9.10)
      ffi (>= 0.5.0, < 2)
    rspec (3.6.0)
      rspec-core (~> 3.6.0)
      rspec-expectations (~> 3.6.0)
      rspec-mocks (~> 3.6.0)
    rspec-core (3.6.0)
      rspec-support (~> 3.6.0)
    rspec-expectations (3.6.0)
      diff-lcs (>= 1.2.0, < 2.0)
      rspec-support (~> 3.6.0)
    rspec-mocks (3.6.0)
      diff-lcs (>= 1.2.0, < 2.0)
      rspec-support (~> 3.6.0)
    rspec-support (3.6.0)
    sass (3.5.1)
      sass-listen (~> 4.0.0)
    sass-listen (4.0.0)
      rb-fsevent (~> 0.9, >= 0.9.4)
      rb-inotify (~> 0.9, >= 0.9.7)
    sinatra (1.4.8)
      rack (~> 1.5)
      rack-protection (~> 1.4)
      tilt (>= 1.3, < 3)
    sinatra-asset-pipeline (0.7.0)
      coffee-script (~> 2.3)
      rake (~> 10.0)
      sass (~> 3.1)
      sinatra (~> 1.4)
      sprockets (~> 2.12)
      sprockets-helpers (~> 1.1)
      sprockets-sass (~> 1.2)
    sinatra-contrib (1.4.7)
      backports (>= 2.0)
      multi_json
      rack-protection
      rack-test
      sinatra (~> 1.4.0)
      tilt (>= 1.3, < 3)
    sprockets (2.12.4)
      hike (~> 1.2)
      multi_json (~> 1.0)
      rack (~> 1.0)
      tilt (~> 1.1, != 1.3.0)
    sprockets-helpers (1.2.1)
      sprockets (>= 2.2)
    sprockets-sass (1.3.1)
      sprockets (~> 2.0)
      tilt (~> 1.1)
    systemu (2.6.5)
    thin (1.7.2)
      daemons (~> 1.0, >= 1.0.9)
      eventmachine (~> 1.0, >= 1.0.4)
      rack (>= 1, < 3)
    tilt (1.4.1)
    uglifier (3.2.0)
      execjs (>= 0.3.0, < 3)
    uuid (2.3.8)
      macaddr (~> 1.0)
    webpush (0.3.3)
      hkdf (~> 0.2)
      jwt (~> 2.0)

PLATFORMS
  ruby

DEPENDENCIES
  awesome_print
  bson_ext
  bundle
  mongo
  psych
  rspec
  sass
  sinatra
  sinatra-asset-pipeline (~> 0.7)
  sinatra-contrib
  thin
  uglifier
  uuid
  webpush

RUBY VERSION
   ruby 2.4.1p111

BUNDLED WITH
   1.15.4
